GIT
  remote: git://github.com/bokmann/font-awesome-rails.git
  revision: ef6a5049e789a127e0c602f8b727533cf9ee05e9
  specs:
    font-awesome-rails (0.2.1)
      railties (~> 3.1)

GIT
  remote: git://github.com/mbleigh/acts-as-taggable-on.git
  revision: 320748a9d8c427fdcc59fca3ac6d416130617aa1
  specs:
    acts-as-taggable-on (2.3.1)
      rails (~> 3.0)

GIT
  remote: git://github.com/reactualize/react_reporter.git
  revision: 293e86f2e44a190a9ec3a7e5c67e5f0a686ce46a
  specs:
    react_reporter (1.0.0.dev)

GIT
  remote: git://github.com/seyhunak/twitter-bootstrap-rails.git
  revision: c55b4d330f45edf9f6e0593501004a9260b67249
  specs:
    twitter-bootstrap-rails (2.1.0)
      actionpack (>= 3.1)
      less-rails (~> 2.2.2)
      railties (>= 3.1)
      therubyracer (= 0.10.1)

GEM
  remote: http://ruby.taobao.org/
  specs:
    actionmailer (3.2.6)
      actionpack (= 3.2.6)
      mail (~> 2.4.4)
    actionpack (3.2.6)
      activemodel (= 3.2.6)
      activesupport (= 3.2.6)
      builder (~> 3.0.0)
      erubis (~> 2.7.0)
      journey (~> 1.0.1)
      rack (~> 1.4.0)
      rack-cache (~> 1.2)
      rack-test (~> 0.6.1)
      sprockets (~> 2.1.3)
    activemodel (3.2.6)
      activesupport (= 3.2.6)
      builder (~> 3.0.0)
    activerecord (3.2.6)
      activemodel (= 3.2.6)
      activesupport (= 3.2.6)
      arel (~> 3.0.2)
      tzinfo (~> 0.3.29)
    activeresource (3.2.6)
      activemodel (= 3.2.6)
      activesupport (= 3.2.6)
    activesupport (3.2.6)
      i18n (~> 0.6)
      multi_json (~> 1.0)
    acts_as_amico (0.2.8)
      amico
      rails (~> 3.1)
      redis
    acts_as_commentable (3.0.1)
    amico (2.0.1)
      redis
    ancestry (1.2.5)
      activerecord (>= 2.2.2)
    annotate (2.4.0)
    arel (3.0.2)
    awesome_nested_set (2.1.3)
      activerecord (>= 3.0.0)
    bcrypt-ruby (3.0.1)
    bluecloth (2.2.0)
    builder (3.0.0)
    carrierwave (0.6.2)
      activemodel (>= 3.2.0)
      activesupport (>= 3.2.0)
    cells (3.8.5)
      actionpack (~> 3.0)
      railties (~> 3.0)
    chronic (0.6.7)
    coderay (1.0.7)
    coffee-rails (3.2.2)
      coffee-script (>= 2.2.0)
      railties (~> 3.2.0)
    coffee-script (2.2.0)
      coffee-script-source
      execjs
    coffee-script-source (1.3.3)
    coletivo (0.0.3)
      rails (>= 3.0.7)
    commonjs (0.2.6)
    devise (2.1.2)
      bcrypt-ruby (~> 3.0)
      orm_adapter (~> 0.1)
      railties (~> 3.1)
      warden (~> 1.2.1)
    diff-lcs (1.1.3)
    erubis (2.7.0)
    escape (0.0.4)
    execjs (1.4.0)
      multi_json (~> 1.0)
    flash_cookie_session (1.1.3)
      rails (~> 3.0)
    foreigner (1.1.6)
      activerecord (>= 3.0.0)
    friendly_id (4.0.7)
    ging-opengraph (0.0.5)
      hashie
      nokogiri (>= 1.4.0)
      rest-client (~> 1.6.0)
    haml (3.1.6)
    has_scope (0.5.1)
    hashie (1.2.0)
    hike (1.2.1)
    hpricot (0.8.6)
    hz2py (1.0.0)
    i18n (0.6.0)
    inherited_resources (1.3.1)
      has_scope (~> 0.5.0)
      responders (~> 0.6)
    journey (1.0.4)
    jquery-rails (2.0.2)
      railties (>= 3.2.0, < 5.0)
      thor (~> 0.14)
    json (1.7.3)
    kaminari (0.13.0)
      actionpack (>= 3.0.0)
      activesupport (>= 3.0.0)
      railties (>= 3.0.0)
    keytar (1.5.3)
      activesupport
    lazybox (0.2.1)
    less (2.2.1)
      commonjs (~> 0.2.6)
    less-rails (2.2.3)
      actionpack (>= 3.1)
      less (~> 2.2.0)
    libv8 (3.3.10.4)
    likeable (0.1.2)
      activesupport
      keytar (>= 1.5.2)
      redis
    linkser (0.0.12)
      ging-opengraph (~> 0.0.4)
      nokogiri (>= 1.4.0)
      rake
      rmagick (~> 2.13.1)
      ruby-imagespec (~> 0.2.0)
    mail (2.4.4)
      i18n (>= 0.4.0)
      mime-types (~> 1.16)
      treetop (~> 1.4.8)
    mime-types (1.19)
    mini_magick (3.4)
      subexec (~> 0.2.1)
    mobile-fu (1.1.0)
      rack-mobile-detect
      rails
    multi_json (1.3.6)
    nokogiri (1.5.5)
    orm_adapter (0.4.0)
    pg (0.14.0)
    polyglot (0.3.3)
    pr_geohash (1.0.0)
    rack (1.4.1)
    rack-cache (1.2)
      rack (>= 0.4)
    rack-mobile-detect (0.4.0)
      rack
    rack-ssl (1.3.2)
      rack
    rack-test (0.6.1)
      rack (>= 1.0)
    rails (3.2.6)
      actionmailer (= 3.2.6)
      actionpack (= 3.2.6)
      activerecord (= 3.2.6)
      activeresource (= 3.2.6)
      activesupport (= 3.2.6)
      bundler (~> 1.0)
      railties (= 3.2.6)
    rails3-jquery-autocomplete (1.0.7)
      rails (~> 3.0)
    rails_kindeditor (0.3.4)
      carrierwave
      mini_magick
    railties (3.2.6)
      actionpack (= 3.2.6)
      activesupport (= 3.2.6)
      rack-ssl (~> 1.3.2)
      rake (>= 0.8.7)
      rdoc (~> 3.4)
      thor (>= 0.14.6, < 2.0)
    rake (0.9.2.2)
    rdoc (3.12)
      json (~> 1.4)
    recaptcha (0.3.4)
    redcarpet (2.1.1)
    redis (2.2.2)
    redis_voteable (0.1.2)
      activesupport (>= 3.0.0)
      redis (~> 2.2.0)
    responders (0.9.1)
      railties (~> 3.1)
    rest-client (1.6.7)
      mime-types (>= 1.16)
    riddle (1.5.2)
    rmagick (2.13.1)
    rsolr (0.12.1)
      builder (>= 2.1.2)
    rspec (2.11.0)
      rspec-core (~> 2.11.0)
      rspec-expectations (~> 2.11.0)
      rspec-mocks (~> 2.11.0)
    rspec-core (2.11.0)
    rspec-expectations (2.11.1)
      diff-lcs (~> 1.1.3)
    rspec-mocks (2.11.1)
    ruby-imagespec (0.2.0)
    ruby_parser (2.3.1)
      sexp_processor (~> 3.0)
    sanitize (2.0.3)
      nokogiri (>= 1.4.4, < 1.6)
    sass (3.1.20)
    sass-rails (3.2.5)
      railties (~> 3.2.0)
      sass (>= 3.1.10)
      tilt (~> 1.3)
    sequel (3.37.0)
    sexp_processor (3.2.0)
    simple_form (2.0.2)
      actionpack (~> 3.0)
      activemodel (~> 3.0)
    sprockets (2.1.3)
      hike (~> 1.2)
      rack (~> 1.0)
      tilt (~> 1.1, != 1.3.0)
    sqlite3 (1.3.6)
    subexec (0.2.2)
    sunspot (1.2.1)
      escape (= 0.0.4)
      pr_geohash (~> 1.0)
      rsolr (= 0.12.1)
    sunspot_rails (1.2.1)
      nokogiri
      sunspot (= 1.2.1)
    tabs_on_rails (2.1.1)
    the_sortable_tree (1.9.4)
      rails (>= 3.1)
    therubyracer (0.10.1)
      libv8 (~> 3.3.10)
    thinking-sphinx (2.0.12)
      activerecord (>= 3.0.3)
      builder (>= 2.1.2)
      riddle (>= 1.5.2)
    thor (0.15.4)
    tilt (1.3.3)
    treetop (1.4.10)
      polyglot
      polyglot (>= 0.3.1)
    tzinfo (0.3.33)
    uglifier (1.2.6)
      execjs (>= 0.3.0)
      multi_json (~> 1.3)
    warden (1.2.1)
      rack (>= 1.0)
    whenever (0.7.3)
      activesupport (>= 2.3.4)
      chronic (~> 0.6.3)

PLATFORMS
  ruby

DEPENDENCIES
  acts-as-taggable-on!
  acts_as_amico
  acts_as_commentable
  amico
  ancestry
  annotate
  awesome_nested_set
  bcrypt-ruby
  bluecloth
  carrierwave
  cells
  chronic
  coderay
  coffee-rails (~> 3.2.1)
  coletivo
  devise (~> 2.1.2)
  escape
  flash_cookie_session
  font-awesome-rails!
  foreigner
  friendly_id
  haml
  hpricot
  hz2py
  inherited_resources
  jquery-rails
  json
  kaminari
  lazybox
  likeable
  linkser
  mini_magick
  mobile-fu
  nokogiri (~> 1.5.2)
  pg
  rails (= 3.2.6)
  rails3-jquery-autocomplete
  rails_kindeditor (~> 0.3.0)
  react_reporter!
  recaptcha
  redcarpet
  redis_voteable
  rspec
  ruby_parser
  sanitize
  sass
  sass-rails (~> 3.2.3)
  sequel
  simple_form (~> 2.0.1)
  sprockets
  sqlite3
  sunspot_rails (= 1.2.1)
  tabs_on_rails
  the_sortable_tree (~> 1.9.3)
  therubyracer
  thinking-sphinx
  twitter-bootstrap-rails!
  uglifier (>= 1.0.3)
  whenever
